NUGET
  remote: https://www.nuget.org/api/v2
    FAKE (4.37.2)
    NUnit (3.4.1)
    NUnit.ConsoleRunner (3.4.1)
